PATH
  remote: .
  specs:
    detached_counter_cache (0.0.1)
      activerecord (~> 3.0.8)

GEM
  remote: http://rubygems.org/
  specs:
    activemodel (3.0.12)
      activesupport (= 3.0.12)
      builder (~> 2.1.2)
      i18n (~> 0.5.0)
    activerecord (3.0.12)
      activemodel (= 3.0.12)
      activesupport (= 3.0.12)
      arel (~> 2.0.10)
      tzinfo (~> 0.3.23)
    activesupport (3.0.12)
    arel (2.0.10)
    builder (2.1.2)
    i18n (0.5.0)
    mocha (0.9.12)
    pg (0.10.1)
    rake (0.9.2.2)
    tzinfo (0.3.32)

PLATFORMS
  ruby

DEPENDENCIES
  detached_counter_cache!
  mocha
  pg (~> 0.10.0)
  rake (~> 0.9.2.2)
